PATH
  remote: ../bloc_works
  specs:
    bloc_works (0.1.0)
      bloc_record (~> 0)
      erubis (~> 2.7)

GEM
  remote: https://rubygems.org/
  specs:
    activesupport (4.2.5)
      i18n (~> 0.7)
      json (~> 1.7, >= 1.7.7)
      minitest (~> 5.1)
      thread_safe (~> 0.3, >= 0.3.4)
      tzinfo (~> 1.1)
    bloc_record (0.0.2)
      activesupport (~> 4.2)
      sqlite3 (~> 1.3)
    erubis (2.7.0)
    i18n (0.7.0)
    json (1.8.3)
    minitest (5.8.3)
    rack (1.6.4)
    sqlite3 (1.3.11)
    thread_safe (0.3.5)
    tzinfo (1.2.2)
      thread_safe (~> 0.1)

PLATFORMS
  ruby

DEPENDENCIES
  bloc_works!
  rack
  sqlite3
